FRAMEWORK: >= NET45
NUGET
  remote: https://www.nuget.org/api/v2
    DocumentFormat.OpenXml (2.5)
    NUnit (3.5)
